GIT
  remote: https://github.com/benmoss/jquery-rails.git
  revision: d739be445073bb53e7ca8315a1f089ff04096861
  specs:
    jquery-rails (0.2.6)
      rails (~> 3.0)
      thor (~> 0.14.4)

GIT
  remote: https://github.com/galetahub/rails-ckeditor.git
  revision: bd1ab526572875a8f1808ce571bd731fbc376563
  branch: rails3
  specs:
    ckeditor (3.5.2)
      mime-types (>= 1.16)

GIT
  remote: https://github.com/ivanyv/kaminari.git
  revision: 8e5857c9abec48110b8d72a6221dea42bb4e3c49
  specs:
    kaminari (0.12.4)
      rails (>= 3.0.0)

GIT
  remote: https://github.com/leikind/wice_grid.git
  revision: 1f7830449088a69498950984da6c828870c7e4d4
  branch: rails3
  specs:
    wice_grid (3.0.0.pre4)

GIT
  remote: https://github.com/plataformatec/simple_form.git
  revision: 87b670787ad763392e2578d74176f7c75f33c0ee
  specs:
    simple_form (1.3.1)

GEM
  remote: http://rubygems.org/
  specs:
    abstract (1.0.0)
    actionmailer (3.0.6)
      actionpack (= 3.0.6)
      mail (~> 2.2.15)
    actionpack (3.0.6)
      activemodel (= 3.0.6)
      activesupport (= 3.0.6)
      builder (~> 2.1.2)
      erubis (~> 2.6.6)
      i18n (~> 0.5.0)
      rack (~> 1.2.1)
      rack-mount (~> 0.6.14)
      rack-test (~> 0.5.7)
      tzinfo (~> 0.3.23)
    activemodel (3.0.6)
      activesupport (= 3.0.6)
      builder (~> 2.1.2)
      i18n (~> 0.5.0)
    activerecord (3.0.6)
      activemodel (= 3.0.6)
      activesupport (= 3.0.6)
      arel (~> 2.0.2)
      tzinfo (~> 0.3.23)
    activeresource (3.0.6)
      activemodel (= 3.0.6)
      activesupport (= 3.0.6)
    activesupport (3.0.6)
    acts-as-taggable-on (2.0.6)
    acts_as_commentable_with_threading (1.1.1)
      activerecord (~> 3.0)
      activesupport (~> 3.0)
      moretea-awesome_nested_set
    arel (2.0.9)
    bcrypt-ruby (2.1.4)
    builder (2.1.2)
    daemons (1.0.10)
    devise (1.3.4)
      bcrypt-ruby (~> 2.1.2)
      orm_adapter (~> 0.0.3)
      warden (~> 1.0.3)
    dynamic_form (1.1.4)
    erubis (2.6.6)
      abstract (>= 1.0.0)
    gem_plugin (0.2.3)
    i18n (0.5.0)
    mail (2.2.19)
      activesupport (>= 2.3.6)
      i18n (>= 0.4.0)
      mime-types (~> 1.16)
      treetop (~> 1.4.8)
    mime-types (1.16)
    mongrel (1.2.0.pre2)
      daemons (~> 1.0.10)
      gem_plugin (~> 0.2.3)
    moretea-awesome_nested_set (1.4.3.1)
      activerecord (~> 3.0.0)
    mysql2 (0.2.7)
    orm_adapter (0.0.4)
    paperclip (2.3.11)
      activerecord (>= 2.3.0)
      activesupport (>= 2.3.2)
    polyglot (0.3.1)
    rack (1.2.2)
    rack-mount (0.6.14)
      rack (>= 1.0.0)
    rack-test (0.5.7)
      rack (>= 1.0)
    rails (3.0.6)
      actionmailer (= 3.0.6)
      actionpack (= 3.0.6)
      activerecord (= 3.0.6)
      activeresource (= 3.0.6)
      activesupport (= 3.0.6)
      bundler (~> 1.0)
      railties (= 3.0.6)
    rails-footnotes (3.7.2)
      rails (>= 3.0.0)
    rails-settings-cached (0.1.2)
      rails (>= 3.0.0)
    railties (3.0.6)
      actionpack (= 3.0.6)
      activesupport (= 3.0.6)
      rake (>= 0.8.7)
      thor (~> 0.14.4)
    rake (0.8.7)
    simple_enum (1.3.2)
    thor (0.14.6)
    treetop (1.4.9)
      polyglot (>= 0.3.1)
    tzinfo (0.3.27)
    warden (1.0.4)
      rack (>= 1.0)
    will_paginate (3.0.pre2)

PLATFORMS
  ruby

DEPENDENCIES
  acts-as-taggable-on
  acts_as_commentable_with_threading
  ckeditor!
  devise
  dynamic_form
  jquery-rails!
  kaminari!
  mime-types
  mongrel (~> 1.2.0.pre)
  mysql2 (= 0.2.7)
  paperclip (~> 2.3)
  rails (= 3.0.6)
  rails-footnotes (>= 3.7)
  rails-settings-cached
  simple_enum
  simple_form!
  wice_grid!
  will_paginate (~> 3.0.beta)
